GEM
  remote: https://rubygems.org/
  specs:
    cane (2.5.2)
      parallel
    cane-hashcheck (1.1.0)
      cane
    diff-lcs (1.2.4)
    parallel (0.6.5)
    rake (10.0.4)
    rspec (2.13.0)
      rspec-core (~> 2.13.0)
      rspec-expectations (~> 2.13.0)
      rspec-mocks (~> 2.13.0)
    rspec-core (2.13.1)
    rspec-expectations (2.13.0)
      diff-lcs (>= 1.1.3, < 2.0)
    rspec-mocks (2.13.1)

PLATFORMS
  ruby

DEPENDENCIES
  cane-hashcheck
  rake
  rspec
