PATH
  remote: .
  specs:
    rubiks_cube (1.2.0)

GEM
  remote: https://rubygems.org/
  specs:
    cane (2.6.0)
      parallel
    cane-hashcheck (1.2.0)
      cane
    diff-lcs (1.2.4)
    parallel (0.7.1)
    rake (10.3.2)
    rspec (2.13.0)
      rspec-core (~> 2.13.0)
      rspec-expectations (~> 2.13.0)
      rspec-mocks (~> 2.13.0)
    rspec-core (2.13.1)
    rspec-expectations (2.13.0)
      diff-lcs (>= 1.1.3, < 2.0)
    rspec-mocks (2.13.1)

PLATFORMS
  ruby

DEPENDENCIES
  bundler (~> 1.7.2)
  cane-hashcheck (~> 1.2.0)
  rake (~> 10.3.2)
  rspec
  rubiks_cube!
